PATH
  remote: .
  specs:
    graphql_authorize (0.4.2)
      graphql (>= 1.6)
      i18n (~> 1.1)

GEM
  remote: https://rubygems.org/
  specs:
    activesupport (5.2.1)
      concurrent-ruby (~> 1.0, >= 1.0.2)
      i18n (>= 0.7, < 2)
      minitest (~> 5.1)
      tzinfo (~> 1.1)
    ast (2.4.0)
    cancancan (2.2.0)
    concurrent-ruby (1.0.5)
    diff-lcs (1.3)
    erubi (1.7.1)
    graphql (1.8.11)
    highline (2.0.0)
    i18n (1.1.0)
      concurrent-ruby (~> 1.0)
    i18n-tasks (0.9.25)
      activesupport (>= 4.0.2)
      ast (>= 2.1.0)
      erubi
      highline (>= 2.0.0)
      i18n
      parser (>= 2.2.3.0)
      rainbow (>= 2.2.2, < 4.0)
      terminal-table (>= 1.5.1)
    jaro_winkler (1.5.1)
    minitest (5.11.3)
    parallel (1.12.1)
    parser (2.5.1.2)
      ast (~> 2.4.0)
    powerpack (0.1.2)
    pundit (2.0.0)
      activesupport (>= 3.0.0)
    rainbow (3.0.0)
    rake (10.5.0)
    rspec (3.8.0)
      rspec-core (~> 3.8.0)
      rspec-expectations (~> 3.8.0)
      rspec-mocks (~> 3.8.0)
    rspec-core (3.8.0)
      rspec-support (~> 3.8.0)
    rspec-expectations (3.8.1)
      diff-lcs (>= 1.2.0, < 2.0)
      rspec-support (~> 3.8.0)
    rspec-mocks (3.8.0)
      diff-lcs (>= 1.2.0, < 2.0)
      rspec-support (~> 3.8.0)
    rspec-support (3.8.0)
    rubocop (0.58.2)
      jaro_winkler (~> 1.5.1)
      parallel (~> 1.10)
      parser (>= 2.5, != 2.5.1.1)
      powerpack (~> 0.1)
      rainbow (>= 2.2.2, < 4.0)
      ruby-progressbar (~> 1.7)
      unicode-display_width (~> 1.0, >= 1.0.1)
    ruby-progressbar (1.10.0)
    terminal-table (1.8.0)
      unicode-display_width (~> 1.1, >= 1.1.1)
    thread_safe (0.3.6)
    tzinfo (1.2.5)
      thread_safe (~> 0.1)
    unicode-display_width (1.4.0)

PLATFORMS
  ruby

DEPENDENCIES
  activesupport
  bundler (~> 1.16)
  cancancan (~> 2.0)
  graphql_authorize!
  i18n-tasks (~> 0.9.25)
  pundit
  rake (~> 10.0)
  rspec
  rubocop

BUNDLED WITH
   1.16.6
